GEM
  remote: https://rubygems.org/
  specs:
    colorize (0.8.1)

PLATFORMS
  x64-mingw-ucrt

DEPENDENCIES
  colorize

BUNDLED WITH
   2.3.15
